{
  "InstitutionName": "University Medical Center Utrecht",
  "InstitutionAddress": "Heidelberglaan 100, 3584 CX Utrecht, the Netherlands",
  "Manufacturer": "Micromed",
  "TaskName": "rest",
  "TaskDescription": "rest task",
  "SamplingFrequency": 2048,
  "PowerLineFrequency": 50,
  "SoftwareFilters": "n/a",
  "SEEGChannelCount": 173,
  "EOGChannelCount": 1,
  "ECGChannelCount": 1,
  "TriggerChannelCount": 2,
  "iEEGReference": "n/a",
  "RecordingDuration": 215.0,
  "RecordingType": "continuous",
  "ElectricalStimulation": false
}