{
  "InstitutionName": "University Medical Center Utrecht",
  "InstitutionAddress": "Heidelberglaan 100, 3584 CX Utrecht, the Netherlands",
  "Manufacturer": "Micromed",
  "TaskName": "rest",
  "TaskDescription": "natural rest",
  "SamplingFrequency": 2048,
  "PowerLineFrequency": 50,
  "SoftwareFilters": "n/a",
  "ECOGChannelCount": 48,
  "SEEGChannelCount": 12,
  "ECGChannelCount": 1,
  "EMGChannelCount": 4,
  "TriggerChannelCount": 2,
  "iEEGReference": "n/a",
  "RecordingDuration": 196.913,
  "RecordingType": "continuous",
  "ElectricalStimulation": false
}