{
  "InstitutionName": "University Medical Center Utrecht",
  "InstitutionAddress": "Heidelberglaan 100, 3584 CX Utrecht, the Netherlands",
  "Manufacturer": "Micromed",
  "TaskName": "rest",
  "TaskDescription": "natural rest",
  "SamplingFrequency": 2048,
  "PowerLineFrequency": 50,
  "SoftwareFilters": "n/a",
  "ECOGChannelCount": 56,
  "SEEGChannelCount": 8,
  "EOGChannelCount": 1,
  "ECGChannelCount": 1,
  "EMGChannelCount": 5,
  "MiscChannelCount": 1,
  "TriggerChannelCount": 2,
  "iEEGReference": "n/a",
  "RecordingDuration": 195.856,
  "RecordingType": "continuous",
  "ElectricalStimulation": false
}