{
  "InstitutionName": "University Medical Center Utrecht",
  "InstitutionAddress": "Heidelberglaan 100, 3584 CX Utrecht, the Netherlands",
  "Manufacturer": "Micromed",
  "TaskName": "rest",
  "TaskDescription": "rest task",
  "SamplingFrequency": 512,
  "PowerLineFrequency": 50,
  "SoftwareFilters": "n/a",
  "ECOGChannelCount": 64,
  "EMGChannelCount": 1,
  "MiscChannelCount": 4,
  "TriggerChannelCount": 2,
  "iEEGReference": "n/a",
  "RecordingDuration": 180.122,
  "RecordingType": "continuous",
  "ElectricalStimulation": false
}