{
  "InstitutionName": "University Medical Center Utrecht",
  "InstitutionAddress": "Heidelberglaan 100, 3584 CX Utrecht, the Netherlands",
  "Manufacturer": "Micromed",
  "TaskName": "film",
  "TaskDescription": "watching the chill movie alternating speech and music",
  "SamplingFrequency": 512,
  "PowerLineFrequency": 50,
  "SoftwareFilters": "n/a",
  "ECOGChannelCount": 48,
  "SEEGChannelCount": 6,
  "ECGChannelCount": 1,
  "EMGChannelCount": 4,
  "TriggerChannelCount": 1,
  "iEEGReference": "n/a",
  "RecordingDuration": 509.372,
  "RecordingType": "continuous",
  "ElectricalStimulation": false
}