{
  "InstitutionName": "University Medical Center Utrecht",
  "InstitutionAddress": "Heidelberglaan 100, 3584 CX Utrecht, the Netherlands",
  "Manufacturer": "Micromed",
  "TaskName": "film",
  "TaskDescription": "watching the chill movie alternating speech and music",
  "SamplingFrequency": 512,
  "PowerLineFrequency": 50,
  "SoftwareFilters": "n/a",
  "ECOGChannelCount": 80,
  "ECGChannelCount": 1,
  "MiscChannelCount": 8,
  "iEEGReference": "n/a",
  "RecordingDuration": 391.0,
  "RecordingType": "continuous",
  "ElectricalStimulation": false
}